GIT
  remote: git://github.com/wbzyl/rack-codehighlighter.git
  revision: ec441d44b66821adf3762c712f3b4c9ac4ec37a0
  branch: pre-caption
  specs:
    rack-codehighlighter (0.4.7.2)
      nokogiri (>= 1.4.1)
      rack (>= 1.0.0)

PATH
  remote: .
  specs:
    hcj-tutorial (0.0.1)
      emk-sinatra-url-for
      erubis
      rdiscount
      sinatra
      sinatra-filler
      sinatra-static-assets
      ultraviolet

GEM
  remote: http://rubygems.org/
  specs:
    abstract (1.0.0)
    daemons (1.1.0)
    emk-sinatra-url-for (0.2.1)
      sinatra (>= 0.9.1.1)
    erubis (2.6.6)
      abstract (>= 1.0.0)
    eventmachine (0.12.10)
    nokogiri (1.4.4)
    oniguruma (1.1.0)
    plist (3.1.0)
    rack (1.2.1)
    rdiscount (1.6.8)
    sinatra (1.2.0)
      rack (~> 1.1)
      tilt (>= 1.2.2, < 2.0)
    sinatra-filler (0.0.3)
      sinatra (>= 1.1)
      sinatra-static-assets (>= 0.5.0)
    sinatra-static-assets (0.5.0)
      emk-sinatra-url-for (>= 0.2.1)
      rack (>= 1.0.0)
      sinatra (>= 0.9.1)
    textpow (0.10.1)
      oniguruma (>= 1.1.0)
      plist (>= 3.0.0)
    thin (1.2.8)
      daemons (>= 1.0.9)
      eventmachine (>= 0.12.6)
      rack (>= 1.0.0)
    tilt (1.2.2)
    ultraviolet (0.10.2)
      textpow (>= 0.10.0)

PLATFORMS
  ruby

DEPENDENCIES
  emk-sinatra-url-for
  erubis
  hcj-tutorial!
  rack-codehighlighter!
  rdiscount
  sinatra
  sinatra-filler
  sinatra-static-assets
  thin
  ultraviolet
